GEM
  remote: http://rubygems.org/
  specs:
    actionmailer (2.3.10)
      actionpack (= 2.3.10)
    actionpack (2.3.10)
      activesupport (= 2.3.10)
      rack (~> 1.1.0)
    activerecord (2.3.10)
      activesupport (= 2.3.10)
    activeresource (2.3.10)
      activesupport (= 2.3.10)
    activesupport (2.3.10)
    daemons (1.1.0)
    delayed_job (2.0.3)
      daemons
    formtastic (1.1.0)
      actionpack (>= 2.3.0)
      activesupport (>= 2.3.0)
      i18n (>= 0.4.0)
    fortify (0.0.3)
      activeresource (>= 2.3.3)
    i18n (0.4.2)
    less (1.2.21)
      mutter (>= 0.4.2)
      treetop (>= 1.4.2)
    mutter (0.5.3)
    nifty-generators (0.4.2)
    polyglot (0.3.1)
    rack (1.1.0)
    rails (2.3.10)
      actionmailer (= 2.3.10)
      actionpack (= 2.3.10)
      activerecord (= 2.3.10)
      activeresource (= 2.3.10)
      activesupport (= 2.3.10)
      rake (>= 0.8.3)
    rake (0.8.7)
    rspec (1.3.1)
    rspec-rails (1.3.3)
      rack (>= 1.0.0)
      rspec (= 1.3.1)
    searchlogic (2.4.27)
      activerecord (>= 2.0.0)
    sqlite3-ruby (1.3.2)
    treetop (1.4.8)
      polyglot (>= 0.3.1)

PLATFORMS
  ruby

DEPENDENCIES
  delayed_job (= 2.0.3)
  formtastic (= 1.1.0)
  fortify (= 0.0.3)
  less
  nifty-generators (= 0.4.2)
  rails (= 2.3.10)
  rspec (= 1.3.1)
  rspec-rails (= 1.3.3)
  searchlogic (= 2.4.27)
  sqlite3-ruby
